GEM
  remote: http://rubygems.org/
  specs:
    dotenv (2.7.5)
    faraday (1.0.0)
      multipart-post (>= 1.2, < 3)
    multipart-post (2.1.1)

PLATFORMS
  ruby

DEPENDENCIES
  dotenv
  faraday

BUNDLED WITH
   2.0.1
